GEM
  remote: https://rubygems.org/
  specs:
    rake (13.0.3)
    uri (0.10.1)

PLATFORMS
  x86_64-darwin-20

DEPENDENCIES
  rake
  uri

BUNDLED WITH
   2.2.15
